PATH
  remote: .
  specs:
    natto2classifier (0.3.5)
      classifier-reborn
      natto
      rb-gsl

GEM
  remote: https://rubygems.org/
  specs:
    classifier-reborn (2.2.0)
      fast-stemmer (~> 1.0)
    coderay (1.1.3)
    fast-stemmer (1.0.2)
    ffi (1.15.4)
    gsl (2.1.0.3)
    method_source (1.0.0)
    minitest (5.14.4)
    natto (1.2.0)
      ffi (>= 1.9.0)
    pry (0.14.1)
      coderay (~> 1.1)
      method_source (~> 1.0)
    rake (13.0.6)
    rb-gsl (1.16.0.6)
      gsl

PLATFORMS
  x86_64-darwin-19

DEPENDENCIES
  bundler (~> 2.2.27)
  minitest (~> 5.0)
  natto2classifier!
  pry
  rake (~> 13.0)

BUNDLED WITH
   2.2.27
